GIT
  remote: https://github.com/AlchemyCMS/alchemy-dragonfly-s3.git
  revision: 604f8bd7ce943c4fa8fd47cd510dba13c81799e2
  specs:
    alchemy-dragonfly-s3 (7.0.0)
      alchemy_cms (>= 7.0.0.pre.a, < 8)
      dragonfly-s3_data_store (~> 1.3)

GEM
  remote: https://rubygems.org/
  specs:
    actioncable (7.0.8)
      actionpack (= 7.0.8)
      activesupport (= 7.0.8)
      nio4r (~> 2.0)
      websocket-driver (>= 0.6.1)
    actionmailbox (7.0.8)
      actionpack (= 7.0.8)
      activejob (= 7.0.8)
      activerecord (= 7.0.8)
      activestorage (= 7.0.8)
      activesupport (= 7.0.8)
      mail (>= 2.7.1)
      net-imap
      net-pop
      net-smtp
    actionmailer (7.0.8)
      actionpack (= 7.0.8)
      actionview (= 7.0.8)
      activejob (= 7.0.8)
      activesupport (= 7.0.8)
      mail (~> 2.5, >= 2.5.4)
      net-imap
      net-pop
      net-smtp
      rails-dom-testing (~> 2.0)
    actionpack (7.0.8)
      actionview (= 7.0.8)
      activesupport (= 7.0.8)
      rack (~> 2.0, >= 2.2.4)
      rack-test (>= 0.6.3)
      rails-dom-testing (~> 2.0)
      rails-html-sanitizer (~> 1.0, >= 1.2.0)
    actiontext (7.0.8)
      actionpack (= 7.0.8)
      activerecord (= 7.0.8)
      activestorage (= 7.0.8)
      activesupport (= 7.0.8)
      globalid (>= 0.6.0)
      nokogiri (>= 1.8.5)
    actionview (7.0.8)
      activesupport (= 7.0.8)
      builder (~> 3.1)
      erubi (~> 1.4)
      rails-dom-testing (~> 2.0)
      rails-html-sanitizer (~> 1.1, >= 1.2.0)
    active_model_serializers (0.10.14)
      actionpack (>= 4.1)
      activemodel (>= 4.1)
      case_transform (>= 0.2)
      jsonapi-renderer (>= 0.1.1.beta1, < 0.3)
    activejob (7.0.8)
      activesupport (= 7.0.8)
      globalid (>= 0.3.6)
    activemodel (7.0.8)
      activesupport (= 7.0.8)
    activerecord (7.0.8)
      activemodel (= 7.0.8)
      activesupport (= 7.0.8)
    activestorage (7.0.8)
      actionpack (= 7.0.8)
      activejob (= 7.0.8)
      activerecord (= 7.0.8)
      activesupport (= 7.0.8)
      marcel (~> 1.0)
      mini_mime (>= 1.1.0)
    activesupport (7.0.8)
      concurrent-ruby (~> 1.0, >= 1.0.2)
      i18n (>= 1.6, < 2)
      minitest (>= 5.1)
      tzinfo (~> 2.0)
    acts_as_list (1.1.0)
      activerecord (>= 4.2)
    addressable (2.8.5)
      public_suffix (>= 2.0.2, < 6.0)
    alchemy-devise (7.0.0)
      alchemy_cms (>= 7.0.0.pre.rc1, < 8)
      devise (>= 4.7.1, < 5)
    alchemy_cms (7.0.5)
      actionmailer (>= 6.1, < 7.1)
      actionpack (>= 6.1, < 7.1)
      actionview (>= 6.1, < 7.1)
      active_model_serializers (~> 0.10.0)
      activejob (>= 6.1, < 7.1)
      activemodel (>= 6.1, < 7.1)
      activerecord (>= 6.1, < 7.1)
      activesupport (>= 6.1, < 7.1)
      acts_as_list (>= 0.3, < 2)
      awesome_nested_set (~> 3.1)
      cancancan (>= 2.1, < 4.0)
      coffee-rails (>= 4.0, < 6.0)
      dragonfly (~> 1.4)
      dragonfly_svg (~> 0.0.4)
      gutentag (~> 2.2, >= 2.2.1)
      handlebars_assets (~> 0.23)
      importmap-rails (~> 1.2, >= 1.2.1)
      jquery-rails (~> 4.0, >= 4.0.4)
      jquery-ui-rails (~> 6.0)
      kaminari (~> 1.1)
      originator (~> 3.1)
      railties (>= 6.1, < 7.1)
      ransack (>= 1.8, < 5.0)
      request_store (~> 1.2)
      responders (>= 2.0, < 4.0)
      sassc-rails (~> 2.1)
      simple_form (>= 4.0, < 6)
      sprockets (>= 3.0, < 5)
      turbo-rails (>= 1.4)
      view_component (~> 3.0)
    ast (2.4.2)
    autoprefixer-rails (10.4.15.0)
      execjs (~> 2)
    awesome_nested_set (3.6.0)
      activerecord (>= 4.0.0, < 7.2)
    aws-eventstream (1.2.0)
    aws-partitions (1.847.0)
    aws-sdk-core (3.186.0)
      aws-eventstream (~> 1, >= 1.0.2)
      aws-partitions (~> 1, >= 1.651.0)
      aws-sigv4 (~> 1.5)
      jmespath (~> 1, >= 1.6.1)
    aws-sdk-kms (1.72.0)
      aws-sdk-core (~> 3, >= 3.184.0)
      aws-sigv4 (~> 1.1)
    aws-sdk-s3 (1.136.0)
      aws-sdk-core (~> 3, >= 3.181.0)
      aws-sdk-kms (~> 1)
      aws-sigv4 (~> 1.6)
    aws-sigv4 (1.6.1)
      aws-eventstream (~> 1, >= 1.0.2)
    bcrypt (3.1.19)
    bootsnap (1.17.0)
      msgpack (~> 1.2)
    bootstrap (5.3.2)
      autoprefixer-rails (>= 9.1.0)
      popper_js (>= 2.11.8, < 3)
    builder (3.2.4)
    byebug (11.1.3)
    cancancan (3.5.0)
    case_transform (0.2)
      activesupport
    coderay (1.1.3)
    coffee-rails (5.0.0)
      coffee-script (>= 2.2.0)
      railties (>= 5.2.0)
    coffee-script (2.4.1)
      coffee-script-source
      execjs
    coffee-script-source (1.12.2)
    concurrent-ruby (1.2.2)
    crass (1.0.6)
    date (3.3.4)
    debug (1.8.0)
      irb (>= 1.5.0)
      reline (>= 0.3.1)
    devise (4.9.3)
      bcrypt (~> 3.0)
      orm_adapter (~> 0.1)
      railties (>= 4.1.0)
      responders
      warden (~> 1.2.3)
    dragonfly (1.4.0)
      addressable (~> 2.3)
      multi_json (~> 1.0)
      rack (>= 1.3)
    dragonfly-s3_data_store (1.3.0)
      dragonfly (~> 1.0)
      fog-aws
    dragonfly_svg (0.0.4)
      dragonfly (~> 1.0)
      nokogiri
    erubi (1.12.0)
    excon (0.104.0)
    execjs (2.9.1)
    ffi (1.16.3)
    fog-aws (3.21.0)
      fog-core (~> 2.1)
      fog-json (~> 1.1)
      fog-xml (~> 0.1)
    fog-core (2.3.0)
      builder
      excon (~> 0.71)
      formatador (>= 0.2, < 2.0)
      mime-types
    fog-json (1.2.0)
      fog-core
      multi_json (~> 1.10)
    fog-xml (0.1.4)
      fog-core
      nokogiri (>= 1.5.11, < 2.0.0)
    formatador (1.1.0)
    globalid (1.2.1)
      activesupport (>= 6.1)
    gutentag (2.6.2)
      activerecord (>= 3.2.0)
    handlebars_assets (0.23.9)
      execjs (~> 2.0)
      sprockets (>= 2.0.0)
      tilt (>= 1.2)
    i18n (1.14.1)
      concurrent-ruby (~> 1.0)
    importmap-rails (1.2.3)
      actionpack (>= 6.0.0)
      activesupport (>= 6.0.0)
      railties (>= 6.0.0)
    io-console (0.6.0)
    irb (1.8.3)
      rdoc
      reline (>= 0.3.8)
    jbuilder (2.11.5)
      actionview (>= 5.0.0)
      activesupport (>= 5.0.0)
    jmespath (1.6.2)
    jquery-rails (4.6.0)
      rails-dom-testing (>= 1, < 3)
      railties (>= 4.2.0)
      thor (>= 0.14, < 2.0)
    jquery-ui-rails (6.0.1)
      railties (>= 3.2.16)
    json (2.6.3)
    jsonapi-renderer (0.2.2)
    kaminari (1.2.2)
      activesupport (>= 4.1.0)
      kaminari-actionview (= 1.2.2)
      kaminari-activerecord (= 1.2.2)
      kaminari-core (= 1.2.2)
    kaminari-actionview (1.2.2)
      actionview
      kaminari-core (= 1.2.2)
    kaminari-activerecord (1.2.2)
      activerecord
      kaminari-core (= 1.2.2)
    kaminari-core (1.2.2)
    language_server-protocol (3.17.0.3)
    loofah (2.21.4)
      crass (~> 1.0.2)
      nokogiri (>= 1.12.0)
    mail (2.8.1)
      mini_mime (>= 0.1.1)
      net-imap
      net-pop
      net-smtp
    marcel (1.0.2)
    method_source (1.0.0)
    mime-types (3.5.1)
      mime-types-data (~> 3.2015)
    mime-types-data (3.2023.1003)
    mini_mime (1.1.5)
    minitest (5.20.0)
    msgpack (1.7.2)
    multi_json (1.15.0)
    net-imap (0.4.4)
      date
      net-protocol
    net-pop (0.1.2)
      net-protocol
    net-protocol (0.2.2)
      timeout
    net-smtp (0.4.0)
      net-protocol
    nio4r (2.5.9)
    nokogiri (1.15.4-aarch64-linux)
      racc (~> 1.4)
    nokogiri (1.15.4-arm64-darwin)
      racc (~> 1.4)
    originator (3.1)
      actionpack (>= 4.0)
      activerecord (>= 4.0)
    orm_adapter (0.5.0)
    parallel (1.23.0)
    parser (3.2.2.4)
      ast (~> 2.4.1)
      racc
    pg (1.5.4)
    popper_js (2.11.8)
    prism (0.17.1)
    pry (0.14.2)
      coderay (~> 1.1)
      method_source (~> 1.0)
    pry-byebug (3.10.1)
      byebug (~> 11.0)
      pry (>= 0.13, < 0.15)
    psych (5.1.1.1)
      stringio
    public_suffix (5.0.3)
    puma (6.4.0)
      nio4r (~> 2.0)
    racc (1.7.3)
    rack (2.2.8)
    rack-test (2.1.0)
      rack (>= 1.3)
    rails (7.0.8)
      actioncable (= 7.0.8)
      actionmailbox (= 7.0.8)
      actionmailer (= 7.0.8)
      actionpack (= 7.0.8)
      actiontext (= 7.0.8)
      actionview (= 7.0.8)
      activejob (= 7.0.8)
      activemodel (= 7.0.8)
      activerecord (= 7.0.8)
      activestorage (= 7.0.8)
      activesupport (= 7.0.8)
      bundler (>= 1.15.0)
      railties (= 7.0.8)
    rails-dom-testing (2.2.0)
      activesupport (>= 5.0.0)
      minitest
      nokogiri (>= 1.6)
    rails-html-sanitizer (1.6.0)
      loofah (~> 2.21)
      nokogiri (~> 1.14)
    railties (7.0.8)
      actionpack (= 7.0.8)
      activesupport (= 7.0.8)
      method_source
      rake (>= 12.2)
      thor (~> 1.0)
      zeitwerk (~> 2.5)
    rainbow (3.1.1)
    rake (13.1.0)
    ransack (4.1.1)
      activerecord (>= 6.1.5)
      activesupport (>= 6.1.5)
      i18n
    rdoc (6.6.0)
      psych (>= 4.0.0)
    regexp_parser (2.8.2)
    reline (0.4.0)
      io-console (~> 0.5)
    request_store (1.5.1)
      rack (>= 1.4)
    responders (3.1.1)
      actionpack (>= 5.2)
      railties (>= 5.2)
    rexml (3.2.6)
    rubocop (1.57.2)
      json (~> 2.3)
      language_server-protocol (>= 3.17.0)
      parallel (~> 1.10)
      parser (>= 3.2.2.4)
      rainbow (>= 2.2.2, < 4.0)
      regexp_parser (>= 1.8, < 3.0)
      rexml (>= 3.2.5, < 4.0)
      rubocop-ast (>= 1.28.1, < 2.0)
      ruby-progressbar (~> 1.7)
      unicode-display_width (>= 2.4.0, < 3.0)
    rubocop-ast (1.30.0)
      parser (>= 3.2.1.0)
    rubocop-rails (2.22.1)
      activesupport (>= 4.2.0)
      rack (>= 1.1)
      rubocop (>= 1.33.0, < 2.0)
    ruby-lsp (0.12.3)
      language_server-protocol (~> 3.17.0)
      prism (>= 0.17.1, < 0.18)
      sorbet-runtime (>= 0.5.5685)
    ruby-progressbar (1.13.0)
    sassc (2.4.0)
      ffi (~> 1.9)
    sassc-rails (2.1.2)
      railties (>= 4.0.0)
      sassc (>= 2.0)
      sprockets (> 3.0)
      sprockets-rails
      tilt
    seed_dump (3.3.1)
      activerecord (>= 4)
      activesupport (>= 4)
    sentry-rails (5.13.0)
      railties (>= 5.0)
      sentry-ruby (~> 5.13.0)
    sentry-ruby (5.13.0)
      concurrent-ruby (~> 1.0, >= 1.0.2)
    simple_form (5.3.0)
      actionpack (>= 5.2)
      activemodel (>= 5.2)
    slim (5.1.1)
      temple (~> 0.10.0)
      tilt (>= 2.1.0)
    sorbet-runtime (0.5.11120)
    spring (4.1.1)
    sprockets (4.2.1)
      concurrent-ruby (~> 1.0)
      rack (>= 2.2.4, < 4)
    sprockets-rails (3.4.2)
      actionpack (>= 5.2)
      activesupport (>= 5.2)
      sprockets (>= 3.0.0)
    stimulus-rails (1.3.0)
      railties (>= 6.0.0)
    stringio (3.0.9)
    temple (0.10.3)
    thor (1.3.0)
    tilt (2.3.0)
    timeout (0.4.1)
    turbo-rails (1.5.0)
      actionpack (>= 6.0.0)
      activejob (>= 6.0.0)
      railties (>= 6.0.0)
    tzinfo (2.0.6)
      concurrent-ruby (~> 1.0)
    unicode-display_width (2.5.0)
    view_component (3.7.0)
      activesupport (>= 5.2.0, < 8.0)
      concurrent-ruby (~> 1.0)
      method_source (~> 1.0)
    warden (1.2.9)
      rack (>= 2.0.9)
    websocket-driver (0.7.6)
      websocket-extensions (>= 0.1.0)
    websocket-extensions (0.1.5)
    zeitwerk (2.6.12)

PLATFORMS
  aarch64-linux-musl
  arm64-darwin-23

DEPENDENCIES
  alchemy-devise
  alchemy-dragonfly-s3!
  alchemy_cms
  aws-sdk-s3
  bootsnap
  bootstrap (~> 5)
  debug
  importmap-rails
  jbuilder
  pg (~> 1.1)
  pry-byebug
  puma
  rails
  rubocop
  rubocop-rails
  ruby-lsp
  seed_dump
  sentry-rails
  sentry-ruby
  simple_form
  slim
  spring
  sprockets-rails
  stimulus-rails
  turbo-rails
  tzinfo-data

RUBY VERSION
   ruby 3.2.2p53

BUNDLED WITH
   2.4.10
